GIT
  remote: git@github.com:SlimBN/Slim-Badges.git
  revision: 4d4d189f1dfef02eecc76597b1763d466c79b715
  specs:
    Slim-Badges (1.5.0)
      ambry (~> 0.3.0)

GIT
  remote: git@github.com:SlimBN/Slim-DefaultValue.git
  revision: 0e66809848ee947227634b3872d303ce1ac033f2
  specs:
    Slim-DefaultValue (2.0.2)

GIT
  remote: git@github.com:SlimBN/Slim-FriendlyUrl.git
  revision: 215159ad0406aa7cc29ba4561cdeccd5918038d4
  specs:
    friendly_id (4.1.0.beta.2)

GIT
  remote: git@github.com:SlimBN/Slim-Kaminari.git
  revision: bc49d128596395c14482773c98c10d79c6a2e5e9
  specs:
    Slim-Kaminari (0.14.1)
      actionpack (>= 3.0.0)
      activesupport (>= 3.0.0)

GIT
  remote: git@github.com:SlimBN/Slim-Ransack.git
  revision: 45617b650471f8316453096db61faa01d2a2ca6f
  specs:
    ransack (0.7.3)
      actionpack (~> 3.0)
      activerecord (~> 3.0)
      polyamorous (~> 0.5.0)

GIT
  remote: git@github.com:SlimBN/Slim-Redactor.git
  revision: 73e981a1e8039e6ba31bbe602163f44a35b89342
  specs:
    redactor-rails (0.3.3)
      devise
      mime-types
      orm_adapter

GIT
  remote: git@github.com:SlimBN/Slim-Taggit.git
  revision: a598188c43bee3e6f3e875689782198b08a14ca3
  specs:
    acts-as-taggable-on (2.4.1.pre)
      rails (>= 3, < 5)

GIT
  remote: git@github.com:SlimBN/Slim-TemplateSyntax.git
  revision: accde970ff5fb2b843658eb88c7ce8eced254365
  specs:
    Slim-TemplateSyntax (2.5.0)

GIT
  remote: git@github.com:SlimBN/twitter-bootstrap-rails.git
  revision: 98366d05f29e3a920db62540512fb586fc144fa5
  specs:
    twitter-bootstrap-rails (2.2.6)
      actionpack (>= 3.1)
      execjs
      railties (>= 3.1)

GEM
  remote: https://rubygems.org/
  specs:
    actionmailer (3.2.13)
      actionpack (= 3.2.13)
      mail (~> 2.5.3)
    actionpack (3.2.13)
      activemodel (= 3.2.13)
      activesupport (= 3.2.13)
      builder (~> 3.0.0)
      erubis (~> 2.7.0)
      journey (~> 1.0.4)
      rack (~> 1.4.5)
      rack-cache (~> 1.2)
      rack-test (~> 0.6.1)
      sprockets (~> 2.2.1)
    activemodel (3.2.13)
      activesupport (= 3.2.13)
      builder (~> 3.0.0)
    activerecord (3.2.13)
      activemodel (= 3.2.13)
      activesupport (= 3.2.13)
      arel (~> 3.0.2)
      tzinfo (~> 0.3.29)
    activeresource (3.2.13)
      activemodel (= 3.2.13)
      activesupport (= 3.2.13)
    activesupport (3.2.13)
      i18n (= 0.6.1)
      multi_json (~> 1.0)
    ambry (0.3.1)
    arel (3.0.2)
    backstretch-rails (2.0.3)
      railties (~> 3.1)
    bcrypt-ruby (3.0.1)
    bcrypt-ruby (3.0.1-x86-mingw32)
    builder (3.0.4)
    carrierwave (0.8.0)
      activemodel (>= 3.2.0)
      activesupport (>= 3.2.0)
    certified (0.1.1)
    coffee-rails (3.2.2)
      coffee-script (>= 2.2.0)
      railties (~> 3.2.0)
    coffee-script (2.2.0)
      coffee-script-source
      execjs
    coffee-script-source (1.6.2)
    devise (2.2.3)
      bcrypt-ruby (~> 3.0)
      orm_adapter (~> 0.1)
      railties (~> 3.1)
      warden (~> 1.2.1)
    erubis (2.7.0)
    execjs (1.4.0)
      multi_json (~> 1.0)
    faraday (0.8.7)
      multipart-post (~> 1.1)
    hashie (2.0.4)
    hike (1.2.2)
    httpauth (0.2.0)
    i18n (0.6.1)
    journey (1.0.4)
    jquery-rails (2.2.1)
      railties (>= 3.0, < 5.0)
      thor (>= 0.14, < 2.0)
    json (1.7.7)
    jwt (0.1.8)
      multi_json (>= 1.5)
    mail (2.5.3)
      i18n (>= 0.4.0)
      mime-types (~> 1.16)
      treetop (~> 1.4.8)
    mime-types (1.23)
    mini_magick (3.5.0)
      subexec (~> 0.2.1)
    multi_json (1.7.2)
    multipart-post (1.2.0)
    oauth2 (0.8.1)
      faraday (~> 0.8)
      httpauth (~> 0.1)
      jwt (~> 0.1.4)
      multi_json (~> 1.0)
      rack (~> 1.2)
    omniauth (1.1.4)
      hashie (>= 1.2, < 3)
      rack
    omniauth-facebook (1.4.1)
      omniauth-oauth2 (~> 1.1.0)
    omniauth-oauth2 (1.1.1)
      oauth2 (~> 0.8.0)
      omniauth (~> 1.0)
    orm_adapter (0.4.0)
    polyamorous (0.5.0)
      activerecord (~> 3.0)
    polyglot (0.3.3)
    rack (1.4.5)
    rack-cache (1.2)
      rack (>= 0.4)
    rack-ssl (1.3.3)
      rack
    rack-test (0.6.2)
      rack (>= 1.0)
    rails (3.2.13)
      actionmailer (= 3.2.13)
      actionpack (= 3.2.13)
      activerecord (= 3.2.13)
      activeresource (= 3.2.13)
      activesupport (= 3.2.13)
      bundler (~> 1.0)
      railties (= 3.2.13)
    railties (3.2.13)
      actionpack (= 3.2.13)
      activesupport (= 3.2.13)
      rack-ssl (~> 1.3.2)
      rake (>= 0.8.7)
      rdoc (~> 3.4)
      thor (>= 0.14.6, < 2.0)
    rake (10.0.4)
    rdoc (3.12.2)
      json (~> 1.4)
    sass (3.2.8)
    sass-rails (3.2.6)
      railties (~> 3.2.0)
      sass (>= 3.1.10)
      tilt (~> 1.3)
    sprockets (2.2.2)
      hike (~> 1.2)
      multi_json (~> 1.0)
      rack (~> 1.0)
      tilt (~> 1.1, != 1.3.0)
    sqlite3 (1.3.7)
    sqlite3 (1.3.7-x86-mingw32)
    subexec (0.2.3)
    thor (0.18.1)
    tilt (1.4.0)
    treetop (1.4.12)
      polyglot
      polyglot (>= 0.3.1)
    tzinfo (0.3.37)
    uglifier (2.0.1)
      execjs (>= 0.3.0)
      multi_json (~> 1.0, >= 1.0.2)
    warden (1.2.1)
      rack (>= 1.0)

PLATFORMS
  ruby
  x86-mingw32

DEPENDENCIES
  Slim-Badges!
  Slim-DefaultValue!
  Slim-Kaminari!
  Slim-TemplateSyntax!
  acts-as-taggable-on!
  backstretch-rails
  carrierwave
  certified
  coffee-rails (~> 3.2.1)
  devise
  friendly_id!
  jquery-rails
  mini_magick
  omniauth
  omniauth-facebook
  rails (= 3.2.13)
  ransack!
  redactor-rails!
  sass-rails (~> 3.2.3)
  sqlite3
  twitter-bootstrap-rails!
  uglifier (>= 1.0.3)
